GEM
  remote: http://rubygems.org/
  specs:
    activemodel (3.1.3)
      activesupport (= 3.1.3)
      builder (~> 3.0.0)
      i18n (~> 0.6)
    activerecord (3.1.3)
      activemodel (= 3.1.3)
      activesupport (= 3.1.3)
      arel (~> 2.2.1)
      tzinfo (~> 0.3.29)
    activerecord-import (0.2.8)
      activerecord (~> 3.0pre)
      activerecord (~> 3.0pre)
    activesupport (3.1.3)
      multi_json (~> 1.0)
    arel (2.2.1)
    bio (1.4.2)
    builder (3.0.0)
    diff-lcs (1.1.3)
    git (1.2.5)
    i18n (0.6.0)
    jeweler (1.6.4)
      bundler (~> 1.0)
      git (>= 1.2.5)
      rake
    multi_json (1.0.4)
    rake (0.9.2.2)
    rcov (0.9.11)
    rspec (2.3.0)
      rspec-core (~> 2.3.0)
      rspec-expectations (~> 2.3.0)
      rspec-mocks (~> 2.3.0)
    rspec-core (2.3.1)
    rspec-expectations (2.3.0)
      diff-lcs (~> 1.1.2)
    rspec-mocks (2.3.0)
    slop (3.3.2)
    sqlite3 (1.3.4)
    tzinfo (0.3.31)

PLATFORMS
  ruby

DEPENDENCIES
  activerecord (~> 3.1.3)
  activerecord-import (~> 0.2.8)
  bio (~> 1.4.2)
  bundler (> 1.0.0)
  jeweler (~> 1.6.4)
  rcov
  rspec (~> 2.3.0)
  slop (~> 3.3.2)
  sqlite3 (~> 1.3.4)
